GIT
  remote: https://github.com/rubysec/bundler-audit.git
  revision: c3fe695f38d98138d306ef31df1decd2adc819b3
  specs:
    bundler-audit (0.6.1)
      bundler (>= 1.2.0, < 3)
      thor (~> 0.18)

GIT
  remote: https://github.com/scottwillson/roo.git
  revision: 7affb556878466faf1a476f2ed5802f6af5b1066
  specs:
    roo (2.8.2)
      nokogiri (~> 1)
      rubyzip (>= 1.2.1, < 2.0.0)

PATH
  remote: .
  specs:
    tabular (0.4.5)

GEM
  remote: https://rubygems.org/
  specs:
    mini_portile2 (2.4.0)
    minitest (5.11.3)
    nokogiri (1.10.3)
      mini_portile2 (~> 2.4.0)
    rake (10.5.0)
    roo-xls (1.2.0)
      nokogiri
      roo (>= 2.0.0, < 3)
      spreadsheet (> 0.9.0)
    ruby-ole (1.2.12.2)
    rubyzip (1.2.2)
    spreadsheet (1.2.3)
      ruby-ole (>= 1.0)
    thor (0.20.3)

PLATFORMS
  ruby

DEPENDENCIES
  bundler (>= 2.0)
  bundler-audit!
  minitest (~> 5.8)
  rake (~> 10.4)
  roo!
  roo-xls
  tabular!

RUBY VERSION
   ruby 2.6.0p0

BUNDLED WITH
   2.0.1
