GIT
  remote: https://github.com/roo-rb/roo-xls.git
  revision: a316a88d042ca6e28a83c46a0db1906a9feebb62
  ref: a316a88d042ca6e28a83c46a0db1906a9feebb62
  specs:
    roo-xls (0.0.1)
      nokogiri
      roo (>= 2.0.0)
      spreadsheet (> 0.9.0)

GIT
  remote: https://github.com/roo-rb/roo.git
  revision: 12f3f7b1b9c7cc31cada36db360125531d408405
  ref: 12f3f7b1b9c7cc31cada36db360125531d408405
  specs:
    roo (2.0.0)
      nokogiri
      rubyzip (>= 1.0.0)

PATH
  remote: .
  specs:
    tabular (0.4.4)

GEM
  remote: https://rubygems.org/
  specs:
    mini_portile2 (2.4.0)
    minitest (5.11.3)
    nokogiri (1.10.0)
      mini_portile2 (~> 2.4.0)
    rake (10.5.0)
    ruby-ole (1.2.12.1)
    rubyzip (1.2.2)
    spreadsheet (1.1.8)
      ruby-ole (>= 1.0)

PLATFORMS
  ruby

DEPENDENCIES
  minitest (~> 5.8)
  rake (~> 10.4)
  roo (~> 2.0)!
  roo-xls (~> 0.0.1)!
  tabular!

BUNDLED WITH
   2.0.1
