GIT
  remote: https://github.com/scottwillson/roo.git
  revision: bedea74b857ee141a90d79eefb63f4d6fdba4288
  specs:
    roo (2.8.2)
      nokogiri (>= 1.11.0)
      rubyzip (>= 1.2.1, < 2.0.0)

PATH
  remote: .
  specs:
    tabular (0.4.7)

GEM
  remote: https://rubygems.org/
  specs:
    bundler-audit (0.7.0.1)
      bundler (>= 1.2.0, < 3)
      thor (>= 0.18, < 2)
    mini_portile2 (2.8.1)
    minitest (5.14.3)
    nokogiri (1.14.3)
      mini_portile2 (~> 2.8.0)
      racc (~> 1.4)
    racc (1.6.2)
    rake (13.0.3)
    roo-xls (1.2.0)
      nokogiri
      roo (>= 2.0.0, < 3)
      spreadsheet (> 0.9.0)
    ruby-ole (1.2.12.2)
    rubyzip (1.3.0)
    spreadsheet (1.2.7)
      ruby-ole
    thor (1.1.0)

PLATFORMS
  ruby

DEPENDENCIES
  bundler (>= 2.0)
  bundler-audit
  minitest
  rake
  roo!
  roo-xls
  tabular!

RUBY VERSION
   ruby 2.6.0p0

BUNDLED WITH
   2.1.4
