GIT
  remote: git://github.com/roo-rb/roo-xls.git
  revision: a316a88d042ca6e28a83c46a0db1906a9feebb62
  specs:
    roo-xls (0.0.1)
      nokogiri
      roo (>= 2.0.0)
      spreadsheet (> 0.9.0)

GIT
  remote: git://github.com/roo-rb/roo.git
  revision: 12f3f7b1b9c7cc31cada36db360125531d408405
  specs:
    roo (2.0.0)
      nokogiri
      rubyzip (>= 1.0.0)

PATH
  remote: .
  specs:
    tabular (0.4.2)

GEM
  remote: https://rubygems.org/
  specs:
    mini_portile (0.6.2)
    minitest (5.8.3)
    nokogiri (1.6.5)
      mini_portile (~> 0.6.0)
    rake (10.4.2)
    ruby-ole (1.2.11.8)
    rubyzip (1.1.6)
    spreadsheet (1.0.0)
      ruby-ole (>= 1.0)

PLATFORMS
  ruby

DEPENDENCIES
  minitest (~> 5.8)
  rake (~> 10.4)
  roo!
  roo-xls!
  tabular!

BUNDLED WITH
   1.10.6
